GEM
  remote: https://rubygems.org/
  specs:
    celluloid (0.15.2)
      timers (~> 1.1.0)
    daemons (1.1.9)
    dotenv (0.9.0)
    eventmachine (1.0.3)
    rack (1.5.2)
    rack-protection (1.5.1)
      rack
    redis (3.0.6)
    shotgun (0.9)
      rack (>= 1.0)
    sinatra (1.4.4)
      rack (~> 1.4)
      rack-protection (~> 1.4)
      tilt (~> 1.3, >= 1.3.4)
    thin (1.6.1)
      daemons (>= 1.0.9)
      eventmachine (>= 1.0.0)
      rack (>= 1.0.0)
    tilt (1.4.1)
    timers (1.1.0)

PLATFORMS
  ruby

DEPENDENCIES
  celluloid
  dotenv
  redis
  shotgun
  sinatra
  thin
