PATH
  remote: .
  specs:
    sse-server (0.2.0)
      connection_pool
      redis
      sinatra

GEM
  remote: https://rubygems.org/
  specs:
    connection_pool (2.1.0)
    rack (1.6.0)
    rack-protection (1.5.3)
      rack
    rake (10.1.1)
    redis (3.2.0)
    sinatra (1.4.5)
      rack (~> 1.4)
      rack-protection (~> 1.4)
      tilt (~> 1.3, >= 1.3.4)
    tilt (1.4.1)

PLATFORMS
  ruby

DEPENDENCIES
  bundler (~> 1.3)
  rake
  sse-server!
